GIT
  remote: git://github.com/darthapo/kramdown.git
  revision: f87548ed0370cdbfa8f42ed58f734264bae32a90
  specs:
    kramdown (0.13.7)

GIT
  remote: git://github.com/rtomayko/tilt.git
  revision: 10a8ffa0a83f0c38dd243549fa9a32a2e76be6bd
  specs:
    tilt (1.3.3)

PATH
  remote: ~/Projects/OpenSource/gumdrop
  specs:
    gumdrop (0.7.5)
      active_support
      bundle
      i18n
      sinatra
      tilt
      trollop

GEM
  remote: http://rubygems.org/
  specs:
    active_support (3.0.0)
      activesupport (= 3.0.0)
    activesupport (3.0.0)
    bundle (0.0.1)
      bundler
    ffi (1.0.11)
    guard (1.2.1)
      listen (>= 0.4.2)
      thor (>= 0.14.6)
    guard-shell (0.5.1)
      guard (>= 1.1.0)
    i18n (0.6.0)
    listen (0.4.6)
      rb-fchange (~> 0.0.5)
      rb-fsevent (~> 0.9.1)
      rb-inotify (~> 0.8.8)
    rack (1.4.1)
    rack-protection (1.2.0)
      rack
    rake (0.9.2.2)
    rb-fchange (0.0.5)
      ffi
    rb-fsevent (0.9.1)
    rb-inotify (0.8.8)
      ffi (>= 0.5.0)
    sinatra (1.3.2)
      rack (~> 1.3, >= 1.3.6)
      rack-protection (~> 1.2)
      tilt (~> 1.3, >= 1.3.3)
    thor (0.15.3)
    trollop (1.16.2)

PLATFORMS
  ruby

DEPENDENCIES
  active_support
  guard
  guard-shell
  gumdrop!
  i18n
  kramdown!
  rake
  sinatra
  tilt!
